GEM
  remote: https://rubygems.org/
  specs:
    actionpack (4.2.0)
      actionview (= 4.2.0)
      activesupport (= 4.2.0)
      rack (~> 1.6.0)
      rack-test (~> 0.6.2)
      rails-dom-testing (~> 1.0, >= 1.0.5)
      rails-html-sanitizer (~> 1.0, >= 1.0.1)
    actionview (4.2.0)
      activesupport (= 4.2.0)
      builder (~> 3.1)
      erubis (~> 2.7.0)
      rails-dom-testing (~> 1.0, >= 1.0.5)
      rails-html-sanitizer (~> 1.0, >= 1.0.1)
    activesupport (4.2.0)
      i18n (~> 0.7)
      json (~> 1.7, >= 1.7.7)
      minitest (~> 5.1)
      thread_safe (~> 0.3, >= 0.3.4)
      tzinfo (~> 1.1)
    builder (3.2.2)
    byebug (3.5.1)
      columnize (~> 0.8)
      debugger-linecache (~> 1.2)
      slop (~> 3.6)
    capybara (2.4.4)
      mime-types (>= 1.16)
      nokogiri (>= 1.3.3)
      rack (>= 1.0.0)
      rack-test (>= 0.5.4)
      xpath (~> 2.0)
    coderay (1.1.0)
    columnize (0.9.0)
    debugger-linecache (1.2.0)
    dotenv (1.0.2)
    erubis (2.7.0)
    http_router (0.11.1)
      rack (>= 1.0.0)
      url_mount (~> 0.2.1)
    i18n (0.7.0)
    jquery-rails (4.0.3)
      rails-dom-testing (~> 1.0)
      railties (>= 4.2.0)
      thor (>= 0.14, < 2.0)
    jquery-ui-rails (5.0.3)
      railties (>= 3.2.16)
    json (1.8.2)
    loofah (2.0.1)
      nokogiri (>= 1.5.9)
    lotus-controller (0.3.2)
      lotus-utils (~> 0.3, >= 0.3.4)
      lotus-validations (~> 0.2, >= 0.2.4)
      rack (~> 1.5)
    lotus-model (0.2.4)
      lotus-utils (~> 0.3, >= 0.3.2)
      sequel (~> 4.9)
    lotus-router (0.2.1)
      http_router (~> 0.11)
      lotus-utils (~> 0.3, >= 0.3.2)
    lotus-utils (0.3.4)
    lotus-validations (0.2.4)
      lotus-utils (~> 0.3, >= 0.3.4)
    lotus-view (0.3.0)
      lotus-utils (~> 0.3, >= 0.3.2)
      tilt (~> 2.0, >= 2.0.1)
    lotusrb (0.2.1)
      dotenv (~> 1.0)
      lotus-controller (~> 0.3, >= 0.3.2)
      lotus-router (~> 0.2, >= 0.2.1)
      lotus-utils (~> 0.3, >= 0.3.4)
      lotus-view (~> 0.3)
      shotgun (~> 0.9)
      thor (~> 0.19)
    method_source (0.8.2)
    mime-types (2.4.3)
    mini_portile (0.6.2)
    minitest (5.5.1)
    mysql2 (0.3.17)
    nokogiri (1.6.6.2)
      mini_portile (~> 0.6.0)
    pry (0.10.1)
      coderay (~> 1.1.0)
      method_source (~> 0.8.1)
      slop (~> 3.4)
    pry-rails (0.3.3)
      pry (>= 0.9.10)
    rack (1.6.0)
    rack-test (0.6.3)
      rack (>= 1.0)
    rails-deprecated_sanitizer (1.0.3)
      activesupport (>= 4.2.0.alpha)
    rails-dom-testing (1.0.5)
      activesupport (>= 4.2.0.beta, < 5.0)
      nokogiri (~> 1.6.0)
      rails-deprecated_sanitizer (>= 1.0.1)
    rails-html-sanitizer (1.0.1)
      loofah (~> 2.0)
    railties (4.2.0)
      actionpack (= 4.2.0)
      activesupport (= 4.2.0)
      rake (>= 0.8.7)
      thor (>= 0.18.1, < 2.0)
    rake (10.4.2)
    sequel (4.19.0)
    shotgun (0.9)
      rack (>= 1.0)
    slop (3.6.0)
    sqlite3 (1.3.10)
    thor (0.19.1)
    thread_safe (0.3.4)
    tilt (2.0.1)
    tzinfo (1.2.2)
      thread_safe (~> 0.1)
    url_mount (0.2.1)
      rack
    xpath (2.0.0)
      nokogiri (~> 1.3)

PLATFORMS
  ruby

DEPENDENCIES
  bundler
  byebug
  capybara
  jquery-rails
  jquery-ui-rails
  lotus-model (~> 0.2)
  lotusrb (= 0.2.1)
  minitest
  mysql2
  pry-rails
  rake
  sqlite3
